GEM
  remote: https://rubygems.org/
  specs:
    pdfkit (0.8.2)
    puma (3.4.0)
    rack (1.6.4)
    rack-protection (1.5.3)
      rack
    sinatra (1.4.7)
      rack (~> 1.5)
      rack-protection (~> 1.4)
      tilt (>= 1.3, < 3)
    sinatra-param (1.4.0)
      sinatra (~> 1.3)
    tilt (2.0.4)

PLATFORMS
  ruby

DEPENDENCIES
  pdfkit
  puma
  sinatra
  sinatra-param

BUNDLED WITH
   1.10.6
